GEM
  remote: http://rubygems.org/
  specs:
    fastercsv (1.5.5)
    json (2.3.0)
    mysql2 (0.3.14)

PLATFORMS
  ruby

DEPENDENCIES
  fastercsv
  json
  mysql2
